GEM
  remote: https://rubygems.org/
  specs:
    activemodel (6.0.3.4)
      activesupport (= 6.0.3.4)
    activerecord (6.0.3.4)
      activemodel (= 6.0.3.4)
      activesupport (= 6.0.3.4)
    activesupport (6.0.3.4)
      concurrent-ruby (~> 1.0, >= 1.0.2)
      i18n (>= 0.7, < 2)
      minitest (~> 5.1)
      tzinfo (~> 1.1)
      zeitwerk (~> 2.2, >= 2.2.2)
    benchmark-ips (2.12.0)
    binding_of_caller (1.0.0)
      debug_inspector (>= 0.0.1)
    bson (4.11.1)
    byebug (11.1.3)
    chronic (0.10.2)
    coderay (1.1.3)
    concurrent-ruby (1.1.7)
    debug_inspector (1.1.0)
    diff-lcs (1.5.0)
    docile (1.4.0)
    i18n (1.8.6)
      concurrent-ruby (~> 1.0)
    method_source (1.0.0)
    minitest (5.20.0)
    mongo (2.14.0)
      bson (>= 4.8.2, < 5.0.0)
    mongoid (7.2.0)
      activemodel (>= 5.1, < 6.1)
      mongo (>= 2.10.5, < 3.0.0)
    mysql2 (0.5.5)
    pg (1.5.4)
    pry (0.14.2)
      coderay (~> 1.1)
      method_source (~> 1.0)
    pry-byebug (3.10.1)
      byebug (~> 11.0)
      pry (>= 0.13, < 0.15)
    rspec (3.12.0)
      rspec-core (~> 3.12.0)
      rspec-expectations (~> 3.12.0)
      rspec-mocks (~> 3.12.0)
    rspec-core (3.12.2)
      rspec-support (~> 3.12.0)
    rspec-expectations (3.12.3)
      diff-lcs (>= 1.2.0, < 2.0)
      rspec-support (~> 3.12.0)
    rspec-mocks (3.12.6)
      diff-lcs (>= 1.2.0, < 2.0)
      rspec-support (~> 3.12.0)
    rspec-support (3.12.1)
    ruby-prof (1.6.3)
    simplecov (0.22.0)
      docile (~> 1.1)
      simplecov-html (~> 0.11)
      simplecov_json_formatter (~> 0.1)
    simplecov-html (0.12.3)
    simplecov_json_formatter (0.1.4)
    sqlite3 (1.4.2)
    thread_safe (0.3.6)
    tzinfo (1.2.10)
      thread_safe (~> 0.1)
    zeitwerk (2.4.2)

PLATFORMS
  ruby

DEPENDENCIES
  activerecord
  benchmark-ips
  binding_of_caller
  chronic
  coderay
  mongoid (= 7.2.0)
  mysql2
  pg
  pry-byebug
  rspec
  ruby-prof
  simplecov
  sqlite3

BUNDLED WITH
   2.2.3
